GEM
  remote: https://rubygems.org/
  specs:
    addressable (2.2.7)
    celluloid (0.9.0)
    em-websocket (0.3.6)
      addressable (>= 2.1.1)
      eventmachine (>= 0.12.9)
    eventmachine (0.12.10)
    sequel (3.33.0)
    sqlite3 (1.3.5)

PLATFORMS
  ruby

DEPENDENCIES
  celluloid
  em-websocket
  sequel
  sqlite3
